GEM
  remote: http://rubygems.org/
  specs:
    activesupport (3.1.1)
      multi_json (~> 1.0)
    archive-tar-minitar (0.5.2)
    columnize (0.3.4)
    daemons (1.1.4)
    diff-lcs (1.1.3)
    em-zeromq (0.2.1)
      eventmachine (>= 1.0.0.beta.3)
      ffi-rzmq (>= 0.7.2)
    eventmachine (1.0.0.beta.4)
    ffi (1.0.10)
    ffi-rzmq (0.9.0)
    linecache19 (0.5.12)
      ruby_core_source (>= 0.1.4)
    multi_json (1.0.3)
    rake (0.9.2.2)
    rcov (0.9.11)
    rspec (2.7.0)
      rspec-core (~> 2.7.0)
      rspec-expectations (~> 2.7.0)
      rspec-mocks (~> 2.7.0)
    rspec-core (2.7.1)
    rspec-expectations (2.7.0)
      diff-lcs (~> 1.1.2)
    rspec-mocks (2.7.0)
    ruby-debug-base19 (0.11.25)
      columnize (>= 0.3.1)
      linecache19 (>= 0.5.11)
      ruby_core_source (>= 0.1.4)
    ruby-debug19 (0.11.6)
      columnize (>= 0.3.1)
      linecache19 (>= 0.5.11)
      ruby-debug-base19 (>= 0.11.19)
    ruby_core_source (0.1.5)
      archive-tar-minitar (>= 0.5.2)
    yard (0.6.8)

PLATFORMS
  ruby

DEPENDENCIES
  activesupport (> 0.1)
  bundler (~> 1.0.0)
  daemons
  em-zeromq (> 0.1)
  ffi (> 0.1)
  ffi-rzmq (> 0.1)
  rake
  rcov
  rspec (>= 2)
  ruby-debug19
  yard (~> 0.6.0)
